GEM
  remote: https://rubygems.org/
  specs:
    addressable (2.4.0)
    launchy (2.4.3)
      addressable (~> 2.3)
    rack (1.6.13)
    rack-protection (1.5.3)
      rack
    shotgun (0.9.1)
      rack (>= 1.0)
    sinatra (1.4.7)
      rack (~> 1.5)
      rack-protection (~> 1.4)
      tilt (>= 1.3, < 3)
    sinatra-partial (1.0.0)
      sinatra (~> 1.4)
    tilt (2.0.4)

PLATFORMS
  ruby

DEPENDENCIES
  launchy
  rack
  shotgun
  sinatra
  sinatra-partial

RUBY VERSION
   ruby 2.2.4p230

BUNDLED WITH
   1.12.4
